{
  "Modality": "MR",
  "MagneticFieldStrength": 3,
  "Manufacturer": "Siemens",
  "ManufacturersModelName": "Prisma_fit",
  "InstitutionName": "PSU-SLEIC",
  "InstitutionalDepartmentName": "Department",
  "DeviceSerialNumber": "67039",
  "StationName": "AWP67039",
  "BodyPartExamined": "BRAIN",
  "PatientPosition": "HFS",
  "ProcedureStepDescription": "Investigators_20_ch_rub736",
  "SoftwareVersions": "syngo_MR_E11",
  "MRAcquisitionType": "2D",
  "SeriesDescription": "cmrr_mbep2d_se_1_AP",
  "ProtocolName": "cmrr_mbep2d_se_1_AP",
  "ScanningSequence": "EP",
  "SequenceVariant": "SK",
  "ScanOptions": "FS",
  "SequenceName": "epse2d1_92",
  "ImageType": [
    "ORIGINAL",
    "PRIMARY",
    "M",
    "ND",
    "MOSAIC"
  ],
  "SeriesNumber": 10,
  "AcquisitionNumber": 1,
  "SliceThickness": 2.4,
  "SpacingBetweenSlices": 2.4,
  "SAR": 0.125533,
  "EchoTime": 0.058,
  "RepetitionTime": 7.06,
  "FlipAngle": 90,
  "PartialFourier": 1,
  "BaseResolution": 92,
  "ShimSetting": [
    -1960,
    8234,
    9500,
    492,
    -47,
    -223,
    -114,
    43
  ],
  "TxRefAmp": 211.755,
  "PhaseResolution": 1,
  "ReceiveCoilName": "HeadNeck_64",
  "ReceiveCoilActiveElements": "HC1-6",
  "PulseSequenceDetails": "%CustomerSeq%_cmrr_mbep2d_se",
  "ConsistencyInfo": "N4_VE11C_LATEST_20160120",
  "PercentPhaseFOV": 100,
  "EchoTrainLength": 92,
  "PhaseEncodingSteps": 92,
  "AcquisitionMatrixPE": 92,
  "ReconMatrixPE": 92,
  "BandwidthPerPixelPhaseEncode": 20.509,
  "EffectiveEchoSpacing": 0.00052999,
  "DerivedVendorReportedEchoSpacing": 0.00052999,
  "TotalReadoutTime": 0.0482291,
  "PixelBandwidth": 2470,
  "DwellTime": 2.2e-06,
  "PhaseEncodingDirection": "j-",
  "SliceTiming": [
    3.52,
    0,
    3.6375,
    0.1175,
    3.755,
    0.235,
    3.8725,
    0.3525,
    3.9875,
    0.47,
    4.105,
    0.585,
    4.2225,
    0.7025,
    4.34,
    0.82,
    4.4575,
    0.9375,
    4.575,
    1.055,
    4.6925,
    1.1725,
    4.81,
    1.29,
    4.9275,
    1.4075,
    5.045,
    1.525,
    5.1625,
    1.6425,
    5.28,
    1.76,
    5.3975,
    1.8775,
    5.515,
    1.995,
    5.6325,
    2.1125,
    5.7475,
    2.2275,
    5.865,
    2.345,
    5.9825,
    2.4625,
    6.1,
    2.58,
    6.2175,
    2.6975,
    6.335,
    2.815,
    6.4525,
    2.9325,
    6.57,
    3.05,
    6.6875,
    3.1675,
    6.805,
    3.285,
    6.9225,
    3.4025
  ],
  "ImageOrientationPatientDICOM": [
    0.999718,
    -0.0229935,
    0.00593529,
    0.0228613,
    0.999508,
    0.0214548
  ],
  "InPlanePhaseEncodingDirectionDICOM": "COL",
  "ConversionSoftware": "dcm2niix",
  "ConversionSoftwareVersion": "v1.0.20171215 (OpenJPEG build) GCC4.8.5"
}
