{
  "Modality": "MR",
  "MagneticFieldStrength": 3,
  "ImagingFrequency": 123.252,
  "Manufacturer": "Siemens",
  "ManufacturersModelName": "Prisma_fit",
  "InstitutionName": "PSU-SLEIC",
  "InstitutionalDepartmentName": "Department",
  "DeviceSerialNumber": "67039",
  "StationName": "AWP67039",
  "BodyPartExamined": "BRAIN",
  "PatientPosition": "HFS",
  "ProcedureStepDescription": "Investigators 20 ch^rub736",
  "SoftwareVersions": "syngo MR E11",
  "MRAcquisitionType": "2D",
  "SeriesDescription": "ID-4",
  "ProtocolName": "ID-4",
  "ScanningSequence": "EP",
  "SequenceVariant": "SK\\SS",
  "ScanOptions": "FS\\EXT",
  "SequenceName": "epfid2d1_92",
  "ImageType": [
    "ORIGINAL",
    "PRIMARY",
    "M",
    "MB",
    "ND",
    "NORM",
    "MOSAIC"
  ],
  "NonlinearGradientCorrection": false,
  "SeriesNumber": 24,
  "AcquisitionNumber": 1,
  "ImageComments": "Unaliased MB5/PE3",
  "SliceThickness": 2.4,
  "SpacingBetweenSlices": 2.4,
  "SAR": 0.0648455,
  "EchoTime": 0.0302,
  "RepetitionTime": 0.9,
  "FlipAngle": 53,
  "PartialFourier": 1,
  "BaseResolution": 92,
  "ShimSetting": [
    -1959,
    8239,
    9540,
    633,
    -39,
    -198,
    -21,
    -28
  ],
  "TxRefAmp": 229.072,
  "PhaseResolution": 1,
  "ReceiveCoilName": "HeadNeck_64",
  "ReceiveCoilActiveElements": "HC1-7",
  "PulseSequenceDetails": "%CustomerSeq%\\cmrr_mbep2d_bold",
  "WipMemBlock": "042c24b2-bad3-44fe-8ea6-9306b5e5a0b9||Sequence: R016 ve11c/master r/e634e98; Dec 19 2017 11:00:25 by eja",
  "CoilCombinationMethod": "Sum of Squares",
  "ConsistencyInfo": "N4_VE11C_LATEST_20160120",
  "MatrixCoilMode": "SENSE",
  "MultibandAccelerationFactor": 5,
  "PercentPhaseFOV": 100,
  "PercentSampling": 100,
  "EchoTrainLength": 92,
  "PhaseEncodingSteps": 92,
  "AcquisitionMatrixPE": 92,
  "ReconMatrixPE": 92,
  "BandwidthPerPixelPhaseEncode": 20.509,
  "EffectiveEchoSpacing": 0.00052999,
  "DerivedVendorReportedEchoSpacing": 0.00052999,
  "TotalReadoutTime": 0.0482291,
  "PixelBandwidth": 2470,
  "DwellTime": 2.2e-06,
  "PhaseEncodingDirection": "j-",
  "SliceTiming": [
    0,
    0.3675,
    0.7325,
    0.22,
    0.5875,
    0.0725,
    0.44,
    0.8075,
    0.2925,
    0.66,
    0.1475,
    0.5125,
    0,
    0.3675,
    0.7325,
    0.22,
    0.5875,
    0.0725,
    0.44,
    0.8075,
    0.2925,
    0.66,
    0.1475,
    0.5125,
    0,
    0.3675,
    0.7325,
    0.22,
    0.5875,
    0.0725,
    0.44,
    0.8075,
    0.2925,
    0.66,
    0.1475,
    0.5125,
    0,
    0.3675,
    0.7325,
    0.22,
    0.5875,
    0.0725,
    0.44,
    0.8075,
    0.2925,
    0.66,
    0.1475,
    0.5125,
    0,
    0.3675,
    0.7325,
    0.22,
    0.5875,
    0.0725,
    0.44,
    0.8075,
    0.2925,
    0.66,
    0.1475,
    0.5125
  ],
  "ImageOrientationPatientDICOM": [
    0.999185,
    0.0161349,
    0.037005,
    -0.018313,
    0.998072,
    0.059298
  ],
  "ImageOrientationText": "Tra>Cor(3.4)>Sag(2.1)",
  "InPlanePhaseEncodingDirectionDICOM": "COL",
  "ConversionSoftware": "dcm2niix",
  "ConversionSoftwareVersion": "v1.0.20220720",
  "TaskName": "Idea diversity",
  "B0FieldSource": [
    "sub-134_dir-AP_epi",
    "sub-134_dir-PA_epi"
  ],
  "TaskDescription": "Idea Diversity task.",
  "Instructions": "Participants completed the Idea Diversity task according to the study protocol."
}
