{
  "Modality": "MR",
  "MagneticFieldStrength": 3,
  "Manufacturer": "Siemens",
  "ManufacturersModelName": "Prisma_fit",
  "InstitutionName": "Penn_State_SLEIC",
  "InstitutionalDepartmentName": "Department",
  "DeviceSerialNumber": "67039",
  "StationName": "AWP67039",
  "BodyPartExamined": "BRAIN",
  "PatientPosition": "HFS",
  "ProcedureStepDescription": "Investigators_20_ch_rub736",
  "SoftwareVersions": "syngo_MR_E11",
  "MRAcquisitionType": "2D",
  "SeriesDescription": "cmrr_mbep2d_se_1_AP",
  "ProtocolName": "cmrr_mbep2d_se_1_AP",
  "ScanningSequence": "EP",
  "SequenceVariant": "SK",
  "ScanOptions": "FS",
  "SequenceName": "epse2d1_92",
  "ImageType": [
    "ORIGINAL",
    "PRIMARY",
    "M",
    "ND",
    "MOSAIC"
  ],
  "SeriesNumber": 11,
  "AcquisitionNumber": 1,
  "SliceThickness": 2.4,
  "SpacingBetweenSlices": 2.4,
  "SAR": 0.124852,
  "EchoTime": 0.058,
  "RepetitionTime": 7.06,
  "FlipAngle": 90,
  "PartialFourier": 1,
  "BaseResolution": 92,
  "ShimSetting": [
    -1960,
    8266,
    9499,
    454,
    -20,
    -315,
    -165,
    -21
  ],
  "TxRefAmp": 233.508,
  "PhaseResolution": 1,
  "ReceiveCoilName": "HeadNeck_64",
  "ReceiveCoilActiveElements": "HC1-7",
  "PulseSequenceDetails": "%CustomerSeq%_cmrr_mbep2d_se",
  "ConsistencyInfo": "N4_VE11C_LATEST_20160120",
  "PercentPhaseFOV": 100,
  "EchoTrainLength": 92,
  "PhaseEncodingSteps": 92,
  "AcquisitionMatrixPE": 92,
  "ReconMatrixPE": 92,
  "BandwidthPerPixelPhaseEncode": 20.509,
  "EffectiveEchoSpacing": 0.00052999,
  "DerivedVendorReportedEchoSpacing": 0.00052999,
  "TotalReadoutTime": 0.0482291,
  "PixelBandwidth": 2470,
  "DwellTime": 2.2e-06,
  "PhaseEncodingDirection": "j-",
  "SliceTiming": [
    3.52,
    0,
    3.6375,
    0.1175,
    3.755,
    0.235,
    3.8725,
    0.3525,
    3.99,
    0.47,
    4.1075,
    0.5875,
    4.225,
    0.705,
    4.3425,
    0.8225,
    4.46,
    0.94,
    4.5775,
    1.0575,
    4.695,
    1.175,
    4.8125,
    1.2925,
    4.93,
    1.41,
    5.045,
    1.5275,
    5.1625,
    1.6425,
    5.28,
    1.76,
    5.3975,
    1.8775,
    5.515,
    1.995,
    5.6325,
    2.1125,
    5.75,
    2.23,
    5.8675,
    2.3475,
    5.985,
    2.465,
    6.1025,
    2.5825,
    6.22,
    2.7,
    6.3375,
    2.8175,
    6.455,
    2.935,
    6.5725,
    3.0525,
    6.69,
    3.17,
    6.805,
    3.285,
    6.9225,
    3.4025
  ],
  "ImageOrientationPatientDICOM": [
    0.999954,
    0.00267478,
    0.00917839,
    -0.000872679,
    0.981593,
    -0.190982
  ],
  "InPlanePhaseEncodingDirectionDICOM": "COL",
  "ConversionSoftware": "dcm2niix",
  "ConversionSoftwareVersion": "v1.0.20171215 (OpenJPEG build) GCC4.8.5",
  "B0FieldIdentifier": "sub-135_dir-AP_epi",
  "IntendedFor": [
    "bids::sub-135/func/sub-135_task-ID_run-1_bold.nii.gz",
    "bids::sub-135/func/sub-135_task-ID_run-2_bold.nii.gz",
    "bids::sub-135/func/sub-135_task-ID_run-3_bold.nii.gz",
    "bids::sub-135/func/sub-135_task-ID_run-4_bold.nii.gz",
    "bids::sub-135/func/sub-135_task-ID_run-5_bold.nii.gz",
    "bids::sub-135/func/sub-135_task-ID_run-6_bold.nii.gz",
    "bids::sub-135/func/sub-135_task-rest_run-1_bold.nii.gz"
  ]
}
