{
  "Modality": "MR",
  "MagneticFieldStrength": 3,
  "Manufacturer": "Siemens",
  "ManufacturersModelName": "Prisma_fit",
  "InstitutionName": "PSU-SLEIC",
  "InstitutionalDepartmentName": "Department",
  "DeviceSerialNumber": "67039",
  "StationName": "AWP67039",
  "BodyPartExamined": "BRAIN",
  "PatientPosition": "HFS",
  "ProcedureStepDescription": "Investigators_20_ch_rub736",
  "SoftwareVersions": "syngo_MR_E11",
  "MRAcquisitionType": "2D",
  "SeriesDescription": "SCT-1",
  "ProtocolName": "SCT-1",
  "ScanningSequence": "EP",
  "SequenceVariant": "SK_SS",
  "ScanOptions": "FS_EXT",
  "SequenceName": "epfid2d1_92",
  "ImageType": [
    "ORIGINAL",
    "PRIMARY",
    "M",
    "MB",
    "ND",
    "NORM",
    "MOSAIC"
  ],
  "SeriesNumber": 18,
  "AcquisitionNumber": 1,
  "ImageComments": "Unaliased_MB5_PE3",
  "SliceThickness": 2.4,
  "SpacingBetweenSlices": 2.4,
  "SAR": 0.0930798,
  "EchoTime": 0.0302,
  "RepetitionTime": 0.9,
  "FlipAngle": 53,
  "PartialFourier": 1,
  "BaseResolution": 92,
  "ShimSetting": [
    -1933,
    8294,
    9529,
    409,
    -65,
    -138,
    -121,
    2
  ],
  "TxRefAmp": 262.097,
  "PhaseResolution": 1,
  "ReceiveCoilName": "HeadNeck_64",
  "ReceiveCoilActiveElements": "HC1-7",
  "PulseSequenceDetails": "%CustomerSeq%_cmrr_mbep2d_bold",
  "ConsistencyInfo": "N4_VE11C_LATEST_20160120",
  "MultibandAccelerationFactor": 5,
  "PercentPhaseFOV": 100,
  "EchoTrainLength": 92,
  "PhaseEncodingSteps": 92,
  "AcquisitionMatrixPE": 92,
  "ReconMatrixPE": 92,
  "BandwidthPerPixelPhaseEncode": 20.509,
  "EffectiveEchoSpacing": 0.00052999,
  "DerivedVendorReportedEchoSpacing": 0.00052999,
  "TotalReadoutTime": 0.0482291,
  "PixelBandwidth": 2470,
  "DwellTime": 2.2e-06,
  "PhaseEncodingDirection": "j-",
  "SliceTiming": [
    0,
    0.365,
    0.7325,
    0.22,
    0.585,
    0.0725,
    0.44,
    0.805,
    0.2925,
    0.66,
    0.145,
    0.5125,
    0,
    0.365,
    0.7325,
    0.22,
    0.585,
    0.0725,
    0.44,
    0.805,
    0.2925,
    0.66,
    0.145,
    0.5125,
    0,
    0.365,
    0.7325,
    0.22,
    0.585,
    0.0725,
    0.44,
    0.805,
    0.2925,
    0.66,
    0.145,
    0.5125,
    0,
    0.365,
    0.7325,
    0.22,
    0.585,
    0.0725,
    0.44,
    0.805,
    0.2925,
    0.66,
    0.145,
    0.5125,
    0,
    0.365,
    0.7325,
    0.22,
    0.585,
    0.0725,
    0.44,
    0.805,
    0.2925,
    0.66,
    0.145,
    0.5125
  ],
  "ImageOrientationPatientDICOM": [
    0.998279,
    0.0585798,
    -0.00286735,
    -0.0586093,
    0.994575,
    -0.085934
  ],
  "InPlanePhaseEncodingDirectionDICOM": "COL",
  "ConversionSoftware": "dcm2niix",
  "ConversionSoftwareVersion": "v1.0.20171215 (OpenJPEG build) GCC4.8.5",
  "TaskName": "Scientific creativity task",
  "B0FieldSource": [
    "sub-08_dir-AP_epi",
    "sub-08_dir-PA_epi"
  ],
  "TaskDescription": "Scientific Creativity Task, including hypothesis generation and a control condition.",
  "Instructions": "Participants generated scientific hypotheses and completed a matched control condition."
}
