{
  "Modality": "MR",
  "MagneticFieldStrength": 3,
  "ImagingFrequency": 123.252,
  "Manufacturer": "Siemens",
  "ManufacturersModelName": "Prisma_fit",
  "InstitutionName": "Penn State SLEIC",
  "InstitutionalDepartmentName": "Department",
  "DeviceSerialNumber": "67039",
  "StationName": "AWP67039",
  "BodyPartExamined": "BRAIN",
  "PatientPosition": "HFS",
  "ProcedureStepDescription": "Investigators 20 ch^rub736",
  "SoftwareVersions": "syngo MR E11",
  "MRAcquisitionType": "2D",
  "SeriesDescription": "ID-6",
  "ProtocolName": "ID-6",
  "ScanningSequence": "EP",
  "SequenceVariant": "SK\\SS",
  "ScanOptions": "FS\\EXT",
  "SequenceName": "epfid2d1_92",
  "ImageType": [
    "ORIGINAL",
    "PRIMARY",
    "M",
    "MB",
    "ND",
    "NORM",
    "MOSAIC"
  ],
  "NonlinearGradientCorrection": false,
  "SeriesNumber": 28,
  "AcquisitionNumber": 1,
  "ImageComments": "Unaliased MB5/PE3",
  "SliceThickness": 2.4,
  "SpacingBetweenSlices": 2.4,
  "SAR": 0.0659994,
  "EchoTime": 0.0302,
  "RepetitionTime": 0.9,
  "FlipAngle": 53,
  "PartialFourier": 1,
  "BaseResolution": 92,
  "ShimSetting": [
    -1972,
    8259,
    9503,
    431,
    -38,
    -254,
    -50,
    -3
  ],
  "TxRefAmp": 246.582,
  "PhaseResolution": 1,
  "ReceiveCoilName": "HeadNeck_64",
  "ReceiveCoilActiveElements": "HC1-7;NC1",
  "PulseSequenceDetails": "%CustomerSeq%\\cmrr_mbep2d_bold",
  "WipMemBlock": "6707da42-2a56-40e9-a5a2-8887b5fce8a2||Sequence: R016 ve11c/master r/e634e98; Dec 19 2017 11:00:25 by eja",
  "CoilCombinationMethod": "Sum of Squares",
  "ConsistencyInfo": "N4_VE11C_LATEST_20160120",
  "MatrixCoilMode": "SENSE",
  "MultibandAccelerationFactor": 5,
  "PercentPhaseFOV": 100,
  "PercentSampling": 100,
  "EchoTrainLength": 92,
  "PhaseEncodingSteps": 92,
  "AcquisitionMatrixPE": 92,
  "ReconMatrixPE": 92,
  "BandwidthPerPixelPhaseEncode": 20.509,
  "EffectiveEchoSpacing": 0.00052999,
  "DerivedVendorReportedEchoSpacing": 0.00052999,
  "TotalReadoutTime": 0.0482291,
  "PixelBandwidth": 2470,
  "DwellTime": 2.2e-06,
  "PhaseEncodingDirection": "j-",
  "SliceTiming": [
    0,
    0.3675,
    0.735,
    0.22,
    0.5875,
    0.075,
    0.44,
    0.8075,
    0.295,
    0.66,
    0.1475,
    0.515,
    0,
    0.3675,
    0.735,
    0.22,
    0.5875,
    0.075,
    0.44,
    0.8075,
    0.295,
    0.66,
    0.1475,
    0.515,
    0,
    0.3675,
    0.735,
    0.22,
    0.5875,
    0.075,
    0.44,
    0.8075,
    0.295,
    0.66,
    0.1475,
    0.515,
    0,
    0.3675,
    0.735,
    0.22,
    0.5875,
    0.075,
    0.44,
    0.8075,
    0.295,
    0.66,
    0.1475,
    0.515,
    0,
    0.3675,
    0.735,
    0.22,
    0.5875,
    0.075,
    0.44,
    0.8075,
    0.295,
    0.66,
    0.1475,
    0.515
  ],
  "ImageOrientationPatientDICOM": [
    0.998927,
    -0.0078819,
    -0.0456311,
    0.0125536,
    0.9946,
    0.103017
  ],
  "ImageOrientationText": "Tra>Cor(5.9)>Sag(-2.6)",
  "InPlanePhaseEncodingDirectionDICOM": "COL",
  "ConversionSoftware": "dcm2niix",
  "ConversionSoftwareVersion": "v1.0.20220720",
  "TaskName": "ID"
}
