{
  "Modality": "MR",
  "MagneticFieldStrength": 3,
  "Manufacturer": "Siemens",
  "ManufacturersModelName": "Prisma_fit",
  "InstitutionName": "Penn_State_SLEIC",
  "InstitutionalDepartmentName": "Department",
  "DeviceSerialNumber": "67039",
  "StationName": "AWP67039",
  "BodyPartExamined": "BRAIN",
  "PatientPosition": "HFS",
  "ProcedureStepDescription": "Investigators_20_ch_rub736",
  "SoftwareVersions": "syngo_MR_E11",
  "MRAcquisitionType": "2D",
  "SeriesDescription": "rest",
  "ProtocolName": "rest",
  "ScanningSequence": "EP",
  "SequenceVariant": "SK_SS",
  "ScanOptions": "FS_EXT",
  "SequenceName": "epfid2d1_92",
  "ImageType": [
    "ORIGINAL",
    "PRIMARY",
    "M",
    "MB",
    "ND",
    "NORM",
    "MOSAIC"
  ],
  "SeriesNumber": 7,
  "AcquisitionNumber": 1,
  "ImageComments": "Unaliased_MB5_PE3",
  "SliceThickness": 2.4,
  "SpacingBetweenSlices": 2.4,
  "SAR": 0.0557121,
  "EchoTime": 0.0302,
  "RepetitionTime": 0.9,
  "FlipAngle": 53,
  "PartialFourier": 1,
  "BaseResolution": 92,
  "ShimSetting": [
    -1952,
    8275,
    9499,
    483,
    -36,
    -116,
    -41,
    -13
  ],
  "TxRefAmp": 212.833,
  "PhaseResolution": 1,
  "ReceiveCoilName": "HeadNeck_64",
  "ReceiveCoilActiveElements": "HC1-6",
  "PulseSequenceDetails": "%CustomerSeq%_cmrr_mbep2d_bold",
  "ConsistencyInfo": "N4_VE11C_LATEST_20160120",
  "MultibandAccelerationFactor": 5,
  "PercentPhaseFOV": 100,
  "EchoTrainLength": 92,
  "PhaseEncodingSteps": 92,
  "AcquisitionMatrixPE": 92,
  "ReconMatrixPE": 92,
  "BandwidthPerPixelPhaseEncode": 20.509,
  "EffectiveEchoSpacing": 0.00052999,
  "DerivedVendorReportedEchoSpacing": 0.00052999,
  "TotalReadoutTime": 0.0482291,
  "PixelBandwidth": 2470,
  "DwellTime": 2.2e-06,
  "PhaseEncodingDirection": "j-",
  "SliceTiming": [
    0,
    0.365,
    0.7325,
    0.22,
    0.585,
    0.0725,
    0.44,
    0.805,
    0.2925,
    0.66,
    0.145,
    0.5125,
    0,
    0.365,
    0.7325,
    0.22,
    0.585,
    0.0725,
    0.44,
    0.805,
    0.2925,
    0.66,
    0.145,
    0.5125,
    0,
    0.365,
    0.7325,
    0.22,
    0.585,
    0.0725,
    0.44,
    0.805,
    0.2925,
    0.66,
    0.145,
    0.5125,
    0,
    0.365,
    0.7325,
    0.22,
    0.585,
    0.0725,
    0.44,
    0.805,
    0.2925,
    0.66,
    0.145,
    0.5125,
    0,
    0.365,
    0.7325,
    0.22,
    0.585,
    0.0725,
    0.44,
    0.805,
    0.2925,
    0.66,
    0.145,
    0.5125
  ],
  "ImageOrientationPatientDICOM": [
    0.998146,
    -0.0588335,
    0.0156251,
    0.0589511,
    0.998235,
    -0.00717652
  ],
  "InPlanePhaseEncodingDirectionDICOM": "COL",
  "ConversionSoftware": "dcm2niix",
  "ConversionSoftwareVersion": "v1.0.20171215 (OpenJPEG build) GCC4.8.5",
  "TaskName": "Resting state"
}
