{
  "Modality": "MR",
  "MagneticFieldStrength": 3,
  "ImagingFrequency": 123.253,
  "Manufacturer": "Siemens",
  "ManufacturersModelName": "Prisma_fit",
  "InstitutionName": "Penn State SLEIC",
  "InstitutionalDepartmentName": "Department",
  "DeviceSerialNumber": "67039",
  "StationName": "AWP67039",
  "BodyPartExamined": "BRAIN",
  "PatientPosition": "HFS",
  "ProcedureStepDescription": "Investigators 20 ch^rub736",
  "SoftwareVersions": "syngo MR E11",
  "MRAcquisitionType": "2D",
  "SeriesDescription": "ID-1",
  "ProtocolName": "ID-1",
  "ScanningSequence": "EP",
  "SequenceVariant": "SK\\SS",
  "ScanOptions": "FS\\EXT",
  "SequenceName": "epfid2d1_92",
  "ImageType": [
    "ORIGINAL",
    "PRIMARY",
    "M",
    "MB",
    "ND",
    "NORM",
    "MOSAIC"
  ],
  "NonlinearGradientCorrection": false,
  "SeriesNumber": 23,
  "AcquisitionNumber": 1,
  "ImageComments": "Unaliased MB5/PE3",
  "SliceThickness": 2.4,
  "SpacingBetweenSlices": 2.4,
  "SAR": 0.0710084,
  "EchoTime": 0.0302,
  "RepetitionTime": 0.9,
  "FlipAngle": 53,
  "PartialFourier": 1,
  "BaseResolution": 92,
  "ShimSetting": [
    -1966,
    8244,
    9522,
    408,
    -36,
    -144,
    -38,
    -36
  ],
  "TxRefAmp": 230.134,
  "PhaseResolution": 1,
  "ReceiveCoilName": "HeadNeck_64",
  "ReceiveCoilActiveElements": "HC1-7",
  "PulseSequenceDetails": "%CustomerSeq%\\cmrr_mbep2d_bold",
  "WipMemBlock": "400db71a-93fa-401b-b8b8-ee05fb719403||Sequence: R016 ve11c/master r/e634e98; Dec 19 2017 11:00:25 by eja",
  "CoilCombinationMethod": "Sum of Squares",
  "ConsistencyInfo": "N4_VE11C_LATEST_20160120",
  "MatrixCoilMode": "SENSE",
  "MultibandAccelerationFactor": 5,
  "PercentPhaseFOV": 100,
  "PercentSampling": 100,
  "EchoTrainLength": 92,
  "PhaseEncodingSteps": 92,
  "AcquisitionMatrixPE": 92,
  "ReconMatrixPE": 92,
  "BandwidthPerPixelPhaseEncode": 20.509,
  "EffectiveEchoSpacing": 0.00052999,
  "DerivedVendorReportedEchoSpacing": 0.00052999,
  "TotalReadoutTime": 0.0482291,
  "PixelBandwidth": 2470,
  "DwellTime": 2.2e-06,
  "PhaseEncodingDirection": "j-",
  "SliceTiming": [
    0,
    0.365,
    0.7325,
    0.22,
    0.585,
    0.0725,
    0.44,
    0.805,
    0.2925,
    0.66,
    0.145,
    0.5125,
    0,
    0.365,
    0.7325,
    0.22,
    0.585,
    0.0725,
    0.44,
    0.805,
    0.2925,
    0.66,
    0.145,
    0.5125,
    0,
    0.365,
    0.7325,
    0.22,
    0.585,
    0.0725,
    0.44,
    0.805,
    0.2925,
    0.66,
    0.145,
    0.5125,
    0,
    0.365,
    0.7325,
    0.22,
    0.585,
    0.0725,
    0.44,
    0.805,
    0.2925,
    0.66,
    0.145,
    0.5125,
    0,
    0.365,
    0.7325,
    0.22,
    0.585,
    0.0725,
    0.44,
    0.805,
    0.2925,
    0.66,
    0.145,
    0.5125
  ],
  "ImageOrientationPatientDICOM": [
    0.9993,
    0.0350749,
    0.0130275,
    -0.0366426,
    0.987835,
    0.151128
  ],
  "ImageOrientationText": "Tra>Cor(8.7)>Sag(0.4)",
  "InPlanePhaseEncodingDirectionDICOM": "COL",
  "ConversionSoftware": "dcm2niix",
  "ConversionSoftwareVersion": "v1.0.20220720",
  "TaskName": "ID",
  "B0FieldSource": [
    "sub-138_dir-AP_epi",
    "sub-138_dir-PA_epi"
  ]
}
