{
  "Modality": "MR",
  "MagneticFieldStrength": 3,
  "Manufacturer": "Siemens",
  "ManufacturersModelName": "Prisma_fit",
  "InstitutionName": "PSU-SLEIC",
  "InstitutionalDepartmentName": "Department",
  "DeviceSerialNumber": "67039",
  "StationName": "AWP67039",
  "BodyPartExamined": "BRAIN",
  "PatientPosition": "HFS",
  "ProcedureStepDescription": "Investigators_20_ch_rub736",
  "SoftwareVersions": "syngo_MR_E11",
  "MRAcquisitionType": "2D",
  "SeriesDescription": "rest",
  "ProtocolName": "rest",
  "ScanningSequence": "EP",
  "SequenceVariant": "SK_SS",
  "ScanOptions": "FS_EXT",
  "SequenceName": "epfid2d1_92",
  "ImageType": [
    "ORIGINAL",
    "PRIMARY",
    "M",
    "MB",
    "ND",
    "NORM",
    "MOSAIC"
  ],
  "SeriesNumber": 9,
  "AcquisitionNumber": 1,
  "ImageComments": "Unaliased_MB5_PE3",
  "SliceThickness": 2.4,
  "SpacingBetweenSlices": 2.4,
  "SAR": 0.0644735,
  "EchoTime": 0.0302,
  "RepetitionTime": 0.9,
  "FlipAngle": 53,
  "PartialFourier": 1,
  "BaseResolution": 92,
  "ShimSetting": [
    -1990,
    8244,
    9521,
    637,
    -94,
    -213,
    20,
    51
  ],
  "TxRefAmp": 227.565,
  "PhaseResolution": 1,
  "ReceiveCoilName": "HeadNeck_64",
  "ReceiveCoilActiveElements": "HC1-7",
  "PulseSequenceDetails": "%CustomerSeq%_cmrr_mbep2d_bold",
  "ConsistencyInfo": "N4_VE11C_LATEST_20160120",
  "MultibandAccelerationFactor": 5,
  "PercentPhaseFOV": 100,
  "EchoTrainLength": 92,
  "PhaseEncodingSteps": 92,
  "AcquisitionMatrixPE": 92,
  "ReconMatrixPE": 92,
  "BandwidthPerPixelPhaseEncode": 20.509,
  "EffectiveEchoSpacing": 0.00052999,
  "DerivedVendorReportedEchoSpacing": 0.00052999,
  "TotalReadoutTime": 0.0482291,
  "PixelBandwidth": 2470,
  "DwellTime": 2.2e-06,
  "PhaseEncodingDirection": "j-",
  "SliceTiming": [
    0,
    0.3675,
    0.735,
    0.22,
    0.5875,
    0.075,
    0.44,
    0.8075,
    0.295,
    0.66,
    0.1475,
    0.515,
    0,
    0.3675,
    0.735,
    0.22,
    0.5875,
    0.075,
    0.44,
    0.8075,
    0.295,
    0.66,
    0.1475,
    0.515,
    0,
    0.3675,
    0.735,
    0.22,
    0.5875,
    0.075,
    0.44,
    0.8075,
    0.295,
    0.66,
    0.1475,
    0.515,
    0,
    0.3675,
    0.735,
    0.22,
    0.5875,
    0.075,
    0.44,
    0.8075,
    0.295,
    0.66,
    0.1475,
    0.515,
    0,
    0.3675,
    0.735,
    0.22,
    0.5875,
    0.075,
    0.44,
    0.8075,
    0.295,
    0.66,
    0.1475,
    0.515
  ],
  "ImageOrientationPatientDICOM": [
    0.995703,
    0.0193352,
    -0.0905639,
    -0.0185969,
    0.999787,
    0.00898897
  ],
  "InPlanePhaseEncodingDirectionDICOM": "COL",
  "ConversionSoftware": "dcm2niix",
  "ConversionSoftwareVersion": "v1.0.20171215 (OpenJPEG build) GCC4.8.5",
  "TaskName": "Resting state",
  "TaskDescription": "Resting-state fMRI.",
  "Instructions": "Participants rested during the scan."
}
